GIT
  remote: git://github.com/gregbell/active_admin.git
  revision: b41450a52c096af8794df0eb0c09bd1d4bf1cdf1
  branch: 0-6-stable
  specs:
    activeadmin (0.6.3)
      arbre (~> 1.0)
      bourbon (>= 1.0.0, < 4)
      devise (>= 1.5.4, < 4, != 2.2.2, != 2.2.1, != 2.2.0, != 2.1.2, != 2.1.1, != 2.1.0, != 2.0.4, != 2.0.3, != 2.0.2, != 2.0.1, != 2.0.0)
      formtastic (~> 2.0)
      inherited_resources (~> 1.3)
      jquery-rails (>= 1.0.0, < 3)
      kaminari (~> 0.13, != 0.15.0)
      meta_search (~> 1.0)
      rails (>= 3.0.0, < 4)
      sass (~> 3.1)

GIT
  remote: git://github.com/jonarrien/rdf-virtuoso.git
  revision: 8590d267826f719783a1ef460540868fb1769a87
  specs:
    rdf-virtuoso (0.1.4)
      api_smith (~> 1.2.0)
      httparty (~> 0.10.2)
      rdf (~> 1.1.3)

GEM
  remote: https://rubygems.org/
  specs:
    actionmailer (3.2.13)
      actionpack (= 3.2.13)
      mail (~> 2.5.3)
    actionpack (3.2.13)
      activemodel (= 3.2.13)
      activesupport (= 3.2.13)
      builder (~> 3.0.0)
      erubis (~> 2.7.0)
      journey (~> 1.0.4)
      rack (~> 1.4.5)
      rack-cache (~> 1.2)
      rack-test (~> 0.6.1)
      sprockets (~> 2.2.1)
    activemodel (3.2.13)
      activesupport (= 3.2.13)
      builder (~> 3.0.0)
    activerecord (3.2.13)
      activemodel (= 3.2.13)
      activesupport (= 3.2.13)
      arel (~> 3.0.2)
      tzinfo (~> 0.3.29)
    activeresource (3.2.13)
      activemodel (= 3.2.13)
      activesupport (= 3.2.13)
    activesupport (3.2.13)
      i18n (= 0.6.1)
      multi_json (~> 1.0)
    acts-as-taggable-on (2.4.1)
      rails (>= 3, < 5)
    addressable (2.3.6)
    ansi (1.4.3)
    api_smith (1.2.0)
      hashie (~> 1.0)
      httparty
      net-http-persistent
    arbre (1.0.1)
      activesupport (>= 3.0.0)
    arel (3.0.3)
    ast (1.1.0)
    bcrypt (3.1.7)
    best_in_place (2.1.0)
      jquery-rails
      rails (~> 3.1)
    better_errors (1.0.1)
      coderay (>= 1.0.0)
      erubis (>= 2.6.6)
    binding_of_caller (0.7.2)
      debug_inspector (>= 0.0.1)
    bourbon (3.2.1)
      sass (~> 3.2)
      thor
    builder (3.0.4)
    capistrano (2.15.5)
      highline
      net-scp (>= 1.0.0)
      net-sftp (>= 2.0.0)
      net-ssh (>= 2.0.14)
      net-ssh-gateway (>= 1.1.0)
    capistrano-platform-resources (0.1.3)
      capistrano (< 3)
    capistrano-rbenv (1.0.5)
      capistrano (< 3)
      capistrano-platform-resources (>= 0.1.3)
    capybara (2.1.0)
      mime-types (>= 1.16)
      nokogiri (>= 1.3.3)
      rack (>= 1.0.0)
      rack-test (>= 0.5.4)
      xpath (~> 2.0)
    capybara-screenshot (0.3.14)
      capybara (>= 1.0, < 3)
      launchy
    capybara-webkit (1.0.0)
      capybara (~> 2.0, >= 2.0.2)
      json
    carrierwave (0.9.0)
      activemodel (>= 3.2.0)
      activesupport (>= 3.2.0)
      json (>= 1.7)
    celluloid (0.15.2)
      timers (~> 1.1.0)
    coderay (1.0.9)
    coffee-rails (3.2.2)
      coffee-script (>= 2.2.0)
      railties (~> 3.2.0)
    coffee-rails-source-maps (1.4.0)
      coffee-script-source (>= 1.6.1)
    coffee-script (2.2.0)
      coffee-script-source
      execjs
    coffee-script-source (1.7.0)
    commonjs (0.2.7)
    cucumber (1.2.5)
      builder (>= 2.1.2)
      diff-lcs (>= 1.1.3)
      gherkin (~> 2.11.7)
      multi_json (~> 1.3)
    cucumber-rails (1.4.0)
      capybara (>= 1.1.2)
      cucumber (>= 1.2.0)
      nokogiri (>= 1.5.0)
      rails (>= 3.0.0)
    custom_error_message (1.1.1)
    data_objects (0.10.13)
      addressable (~> 2.1)
    database_cleaner (1.2.0)
    debug_inspector (0.0.2)
    devise (3.2.4)
      bcrypt (~> 3.0)
      orm_adapter (~> 0.1)
      railties (>= 3.2.6, < 5)
      thread_safe (~> 0.1)
      warden (~> 1.2.3)
    devise_ldap_authenticatable (0.8.1)
      devise (>= 3.0)
      net-ldap (>= 0.3.1, < 0.6.0)
    diff-lcs (1.2.4)
    docsplit (0.7.2)
    dotenv (0.9.0)
    dotenv-rails (0.9.0)
      dotenv (= 0.9.0)
    ebnf (0.3.1)
      rdf
      sxp
    erubis (2.7.0)
    execjs (2.0.2)
    factory_girl (4.2.0)
      activesupport (>= 3.0.0)
    factory_girl_rails (4.2.1)
      factory_girl (~> 4.2.0)
      railties (>= 3.0.0)
    ffi (1.9.0)
    font-awesome-rails (4.0.0.0)
      railties (>= 3.2, < 5.0)
    formatador (0.2.4)
    formtastic (2.2.1)
      actionpack (>= 3.0)
    gem-ctags (1.0.6)
    gherkin (2.11.8)
      multi_json (~> 1.3)
    guard (2.2.2)
      formatador (>= 0.2.4)
      listen (~> 2.1)
      lumberjack (~> 1.0)
      pry (>= 0.9.12)
      thor (>= 0.18.1)
    guard-cucumber (1.4.0)
      cucumber (>= 1.2.0)
      guard (>= 1.1.0)
    guard-rspec (4.0.3)
      guard (>= 2.1.1)
      rspec (~> 2.14)
    guard-zeus-client (0.1.1)
      guard (>= 1.1)
      zeus
    haml (4.0.3)
      tilt
    haml-rails (0.4)
      actionpack (>= 3.1, < 4.1)
      activesupport (>= 3.1, < 4.1)
      haml (>= 3.1, < 4.1)
      railties (>= 3.1, < 4.1)
    has_scope (0.6.0.rc)
      actionpack (>= 3.2, < 5)
      activesupport (>= 3.2, < 5)
    hashie (1.2.0)
    hashr (0.0.22)
    highline (1.6.20)
    hike (1.2.3)
    httparty (0.10.2)
      multi_json (~> 1.0)
      multi_xml (>= 0.5.2)
    i18n (0.6.1)
    inherited_resources (1.4.1)
      has_scope (~> 0.6.0.rc)
      responders (~> 1.0.0.rc)
    journey (1.0.4)
    jquery-rails (2.3.0)
      railties (>= 3.0, < 5.0)
      thor (>= 0.14, < 2.0)
    jquery-ui-rails (4.1.2)
      railties (>= 3.1.0)
    json (1.8.1)
    json-ld (1.0.8.1)
      json (>= 1.7.5)
      rdf (>= 1.0.8)
    json_pure (1.8.1)
    kaminari (0.15.1)
      actionpack (>= 3.0.0)
      activesupport (>= 3.0.0)
    kgio (2.8.1)
    launchy (2.3.0)
      addressable (~> 2.3)
    less (2.4.0)
      commonjs (~> 0.2.7)
    less-rails (2.4.2)
      actionpack (>= 3.1)
      less (~> 2.4.0)
    libv8 (3.16.14.3)
    listen (2.1.1)
      celluloid (>= 0.15.2)
      rb-fsevent (>= 0.9.3)
      rb-inotify (>= 0.9)
    lumberjack (1.0.4)
    mail (2.5.4)
      mime-types (~> 1.16)
      treetop (~> 1.4.8)
    meta_search (1.1.3)
      actionpack (~> 3.1)
      activerecord (~> 3.1)
      activesupport (~> 3.1)
      polyamorous (~> 0.5.0)
    method_source (0.8.2)
    mime-types (1.25.1)
    mini_portile (0.5.2)
    multi_json (1.10.0)
    multi_xml (0.5.5)
    net-http-persistent (2.9)
    net-ldap (0.3.1)
    net-scp (1.1.2)
      net-ssh (>= 2.6.5)
    net-sftp (2.1.2)
      net-ssh (>= 2.6.5)
    net-ssh (2.7.0)
    net-ssh-gateway (1.2.0)
      net-ssh (>= 2.6.5)
    nokogiri (1.6.0)
      mini_portile (~> 0.5.0)
    orm_adapter (0.5.0)
    parser (2.0.0)
      ast (~> 1.1)
      slop (~> 3.4, >= 3.4.5)
    pg (0.17.0)
    polyamorous (0.5.0)
      activerecord (~> 3.0)
    polyglot (0.3.4)
    powerpack (0.0.9)
    promise (0.3.0)
    pry (0.9.12.2)
      coderay (~> 1.0.5)
      method_source (~> 0.8)
      slop (~> 3.4)
    pry-doc (0.4.6)
      pry (>= 0.9)
      yard (>= 0.8)
    pry-nav (0.2.3)
      pry (~> 0.9.10)
    pry-rails (0.3.2)
      pry (>= 0.9.10)
    pry-remote (0.1.7)
      pry (~> 0.9)
      slop (~> 3.0)
    pry-stack_explorer (0.4.9.1)
      binding_of_caller (>= 0.7)
      pry (>= 0.9.11)
    rack (1.4.5)
    rack-cache (1.2)
      rack (>= 0.4)
    rack-ssl (1.3.4)
      rack
    rack-test (0.6.2)
      rack (>= 1.0)
    railroady (1.1.1)
    rails (3.2.13)
      actionmailer (= 3.2.13)
      actionpack (= 3.2.13)
      activerecord (= 3.2.13)
      activeresource (= 3.2.13)
      activesupport (= 3.2.13)
      bundler (~> 1.0)
      railties (= 3.2.13)
    railties (3.2.13)
      actionpack (= 3.2.13)
      activesupport (= 3.2.13)
      rack-ssl (~> 1.3.2)
      rake (>= 0.8.7)
      rdoc (~> 3.4)
      thor (>= 0.14.6, < 2.0)
    rainbow (1.1.4)
    raindrops (0.12.0)
    rake (10.3.1)
    ransack (1.2.0)
      actionpack (>= 3.0)
      activerecord (>= 3.0)
      activesupport (>= 3.0)
      i18n
    rb-fsevent (0.9.3)
    rb-inotify (0.9.2)
      ffi (>= 0.5.0)
    rdf (1.1.3)
    rdf-aggregate-repo (0.1.2)
      rdf (>= 1.0)
    rdf-do (1.0.0)
      data_objects (>= 0.10.11)
      rdf (>= 1.0)
    rdf-isomorphic (1.1.0)
      rdf (>= 1.1)
    rdf-raptor (1.0.1)
      ffi (>= 1.0)
      rdf (>= 1.0.0)
    rdf-spec (1.0.9)
      rspec (>= 2.14)
    rdf-xsd (1.0.2.1)
      nokogiri (>= 1.5.0)
      rdf (>= 0.3.4)
    rdoc (3.12.2)
      json (~> 1.4)
    ref (1.0.5)
    remotipart (1.2.1)
    responders (1.0.0)
      railties (>= 3.2, < 5)
    rest-client (1.6.7)
      mime-types (>= 1.16)
    rspec (2.14.1)
      rspec-core (~> 2.14.0)
      rspec-expectations (~> 2.14.0)
      rspec-mocks (~> 2.14.0)
    rspec-core (2.14.6)
    rspec-expectations (2.14.3)
      diff-lcs (>= 1.1.3, < 2.0)
    rspec-mocks (2.14.4)
    rspec-rails (2.14.0)
      actionpack (>= 3.0)
      activesupport (>= 3.0)
      railties (>= 3.0)
      rspec-core (~> 2.14.0)
      rspec-expectations (~> 2.14.0)
      rspec-mocks (~> 2.14.0)
    rubocop (0.14.1)
      parser (~> 2.0)
      powerpack (~> 0.0.6)
      rainbow (>= 1.1.4)
    sanitize (2.0.6)
      nokogiri (>= 1.4.4)
    sass (3.3.7)
    sass-rails (3.2.6)
      railties (~> 3.2.0)
      sass (>= 3.1.10)
      tilt (~> 1.3)
    shoulda (3.5.0)
      shoulda-context (~> 1.0, >= 1.0.1)
      shoulda-matchers (>= 1.4.1, < 3.0)
    shoulda-context (1.1.5)
    shoulda-matchers (2.4.0)
      activesupport (>= 3.0.0)
    simple_form (2.1.0)
      actionpack (~> 3.0)
      activemodel (~> 3.0)
    slop (3.4.6)
    sparql (1.1.0)
      builder (>= 3.0)
      ebnf (>= 0.3.0)
      json (>= 1.7)
      rdf (>= 1.0.7)
      rdf-aggregate-repo
      rdf-xsd (>= 1.0.2)
      sparql-client (>= 1.0.3)
      sxp (>= 0.1.3)
    sparql-client (1.0.4.1)
      json_pure (>= 1.4)
      net-http-persistent (>= 1.4)
      rdf (>= 1.0)
    spira (0.7.1)
      activemodel (> 3.0)
      activesupport (> 3.0)
      promise (~> 0.3.0)
      rdf (~> 1.1)
      rdf-isomorphic (~> 1.1)
    sprockets (2.2.2)
      hike (~> 1.2)
      multi_json (~> 1.0)
      rack (~> 1.0)
      tilt (~> 1.1, != 1.3.0)
    sqlite3 (1.3.8)
    sxp (0.1.3)
      json (>= 1.1.1)
    therubyracer (0.12.0)
      libv8 (~> 3.16.14.0)
      ref
    thor (0.19.1)
    thread_safe (0.3.3)
    tilt (1.4.1)
    timers (1.1.0)
    tinymce-rails (4.0.8)
      railties (>= 3.1.1)
    tire (0.6.1)
      activemodel (>= 3.0)
      activesupport
      ansi
      hashr (~> 0.0.19)
      multi_json (~> 1.3)
      rake
      rest-client (~> 1.6)
    treetop (1.4.15)
      polyglot
      polyglot (>= 0.3.1)
    turbo-sprockets-rails3 (0.3.10)
      railties (> 3.2.8, < 4.0.0)
      sprockets (>= 2.0.0)
    twitter-bootstrap-rails (2.2.8)
      actionpack (>= 3.1)
      execjs
      rails (>= 3.1)
      railties (>= 3.1)
    tzinfo (0.3.39)
    uglifier (2.2.1)
      execjs (>= 0.3.0)
      multi_json (~> 1.0, >= 1.0.2)
    underscore-rails (1.5.2)
    unicorn (4.6.3)
      kgio (~> 2.6)
      rack
      raindrops (~> 0.7)
    warden (1.2.3)
      rack (>= 1.0)
    will_paginate (3.0.3)
    will_paginate-bootstrap (0.2.5)
      will_paginate (>= 3.0.3)
    xpath (2.0.0)
      nokogiri (~> 1.3)
    yard (0.8.7.2)
    yui-compressor (0.12.0)
    zeus (0.13.3)
      method_source (>= 0.6.7)

PLATFORMS
  ruby

DEPENDENCIES
  activeadmin!
  acts-as-taggable-on
  best_in_place (~> 2.1.0)
  better_errors
  capistrano (~> 2.15.5)
  capistrano-rbenv (= 1.0.5)
  capybara-screenshot
  capybara-webkit
  carrierwave (~> 0.9.0)
  coffee-rails (~> 3.2.1)
  coffee-rails-source-maps
  cucumber (= 1.2.5)
  cucumber-rails
  custom_error_message
  database_cleaner
  devise (~> 3.2)
  devise_ldap_authenticatable
  docsplit
  dotenv-rails
  factory_girl_rails
  ffi
  font-awesome-rails
  gem-ctags
  guard-cucumber
  guard-rspec
  guard-zeus-client
  haml-rails
  has_scope
  inherited_resources
  jquery-rails
  jquery-ui-rails
  json-ld
  less-rails
  pg
  pry (>= 0.9.10)
  pry-doc
  pry-nav
  pry-rails
  pry-remote
  pry-stack_explorer
  rack (~> 1.4.5)
  railroady
  rails (= 3.2.13)
  railties (~> 3.2.13)
  rake (= 10.3.1)
  ransack
  rdf (~> 1.1.3)
  rdf-do
  rdf-isomorphic (~> 1.1)
  rdf-raptor (~> 1.0.1)
  rdf-spec
  rdf-virtuoso!
  remotipart
  responders
  rspec-rails
  rubocop
  sanitize
  sass-rails (~> 3.2.6)
  shoulda
  shoulda-matchers
  simple_form
  sparql
  spira (~> 0.7.1)
  sqlite3
  therubyracer (~> 0.12.0)
  tilt (~> 1.3)
  tinymce-rails
  tire (>= 0.5.4)
  turbo-sprockets-rails3 (~> 0.3.6)
  twitter-bootstrap-rails
  uglifier (>= 1.0.3)
  underscore-rails
  unicorn
  will_paginate (= 3.0.3)
  will_paginate-bootstrap (~> 0.2.5)
  yui-compressor
